PATH
  remote: .
  specs:
    jquery-FixedHeaderTable-rails (1.3.0)

GEM
  remote: https://rubygems.org/
  specs:

PLATFORMS
  ruby

DEPENDENCIES
  jquery-FixedHeaderTable-rails!

BUNDLED WITH
   1.15.3
